GEM
  remote: https://rubygems.org/
  specs:
    bindata (1.6.0)

PLATFORMS
  ruby

DEPENDENCIES
  bindata
